GIT
  remote: git://github.com/rails-api/active_model_serializers.git
  revision: 790efee9c3bf9d96d60944eb156d1cd385fcc7df
  specs:
    active_model_serializers (1.0.0.rc3)
      actionpack (>= 4.0)
      activemodel (>= 4.0)
      railties (>= 5.0.0.beta1)

GIT
  remote: git://github.com/rails/rails.git
  revision: dbf67b3a6f549769c5f581b70bc0c0d880d5d5d1
  ref: dbf67b3a6f549769c5f581b70bc0c0d880d5d5d1
  specs:
    actioncable (5.0.0.beta1)
      actionpack (= 5.0.0.beta1)
      celluloid (~> 0.17.4)
      coffee-rails (~> 4.1.0)
      em-hiredis (~> 0.6.3)
      faye-websocket (~> 0.10.9)
      redis (~> 3.0)
      websocket-driver (~> 0.6.1)
    actionmailer (5.0.0.beta1)
      actionpack (= 5.0.0.beta1)
      actionview (= 5.0.0.beta1)
      activejob (= 5.0.0.beta1)
      mail (~> 2.7.1, >= 2.7.1)
      rails-dom-testing (~> 1.0, >= 1.0.9)
    actionpack (5.0.0.beta1)
      actionview (= 5.0.0.beta1)
      activesupport (= 5.0.0.beta1)
      rack (~> 2.x)
      rack-test (~> 0.6.3)
      rails-dom-testing (~> 1.0, >= 1.0.9)
      rails-html-sanitizer (~> 1.0, >= 1.0.2)
    actionview (5.0.0.beta1)
      activesupport (= 5.0.0.beta1)
      builder (~> 3.1)
      erubis (~> 2.7.0)
      rails-dom-testing (~> 1.0, >= 1.0.9)
      rails-html-sanitizer (~> 1.0, >= 1.0.2)
    activejob (5.0.0.beta1)
      activesupport (= 5.0.0.beta1)
      globalid (>= 0.4.2)
    activemodel (5.0.0.beta1)
      activesupport (= 5.0.0.beta1)
    activerecord (5.0.0.beta1)
      activemodel (= 5.0.0.beta1)
      activesupport (= 5.0.0.beta1)
      arel (~> 7.0)
    activesupport (5.0.0.beta1)
      concurrent-ruby (~> 1.0)
      i18n (~> 0.7)
      json (~> 1.7, >= 1.7.7)
      method_source
      minitest (~> 5.1)
      tzinfo (~> 1.1)
    rails (5.0.0.beta1)
      actioncable (= 5.0.0.beta1)
      actionmailer (= 5.0.0.beta1)
      actionpack (= 5.0.0.beta1)
      actionview (= 5.0.0.beta1)
      activejob (= 5.0.0.beta1)
      activemodel (= 5.0.0.beta1)
      activerecord (= 5.0.0.beta1)
      activesupport (= 5.0.0.beta1)
      bundler (>= 1.13.3, < 2.0)
      railties (= 5.0.0.beta1)
      sprockets-rails (>= 3.2.2)
    railties (5.0.0.beta1)
      actionpack (= 5.0.0.beta1)
      activesupport (= 5.0.0.beta1)
      method_source
      rake (>= 0.8.7)
      thor (>= 0.18.1, < 2.0)

GEM
  remote: https://rubygems.org/
  specs:
    CFPropertyList (2.3.6)
    arel (7.1.4)
    awesome_print (1.8.0)
    builder (3.2.4)
    byebug (11.1.3)
    carrierwave (1.3.1)
      activemodel (>= 5.0.0.beta1)
      activesupport (>= 3.2.0)
      json (>= 1.7)
      mime-types (>= 3.3.1)
    celluloid (0.17.3)
      celluloid-essentials
      celluloid-extras
      celluloid-fsm
      celluloid-pool
      celluloid-supervision
      timers (>= 4.1.1)
    celluloid-essentials (0.20.5)
      timers (>= 4.1.1)
    celluloid-extras (0.20.5)
      timers (>= 4.1.1)
    celluloid-fsm (0.20.5)
      timers (>= 4.1.1)
    celluloid-pool (0.20.5)
      timers (>= 4.1.1)
    celluloid-supervision (0.20.6)
      timers (>= 4.1.1)
    choice (0.2.0)
    coderay (1.1.3)
    coffee-rails (4.1.1)
      coffee-script (>= 2.4.1)
      railties (>= 5.0.0, < 6.1.x)
    coffee-script (2.4.1)
      coffee-script-source
      execjs
    coffee-script-source (1.12.2)
    concurrent-ruby (1.1.7)
    em-hiredis (0.3.1)
      eventmachine (~> 1.0)
      hiredis (~> 0.6.3)
    erubis (2.7.0)
    eventmachine (1.2.7)
    excon (0.76.0)
    execjs (2.7.0)
    faye-websocket (0.10.2)
      eventmachine (>= 0.12.0)
      websocket-driver (>= 0.6.5)
    fission (0.5.0)
      CFPropertyList (~> 2.2)
    fog (1.41.0)
      fog-aliyun (>= 0.3.19)
      fog-atmos
      fog-aws (>= 2.0.1)
      fog-brightbox (~> 0.16.1)
      fog-core (~> 1.45.0)
      fog-dynect (~> 0.0.3)
      fog-ecloud (~> 0.3.0)
      fog-google (<= 0.1.0)
      fog-json
      fog-local
      fog-powerdns (>= 0.2.0)
      fog-profitbricks
      fog-radosgw (>= 0.0.5)
      fog-riakcs
      fog-sakuracloud (>= 1.7.5)
      fog-serverlove
      fog-softlayer
      fog-storm_on_demand
      fog-terremark
      fog-vmfusion
      fog-voxel
      fog-vsphere (>= 3.4.0)
      fog-xenserver
      fog-xml (~> 0.1.3)
      ipaddress (~> 0.5)
    fog-aliyun (0.3.19)
      fog-core (~> 1.45)
      fog-json (~> 1.2)
      ipaddress (~> 0.8)
      xml-simple (~> 1.1)
    fog-atmos (0.1.0)
      fog-core
      fog-xml
    fog-aws (2.0.1)
      fog-core (~> 1.45)
      fog-json (~> 1.2)
      fog-xml (~> 0.1.3)
      ipaddress (~> 0.8)
    fog-brightbox (0.16.1)
      fog-core (~> 1.45)
      fog-json
      inflecto (~> 0.0.2)
    fog-core (1.45.0)
      builder
      excon (~> 0.45)
      formatador (~> 0.2)
    fog-dynect (0.0.3)
      fog-core
      fog-json
      fog-xml
    fog-ecloud (0.3.0)
      fog-core
      fog-xml
    fog-google (0.1.0)
      fog-core
      fog-json
      fog-xml
    fog-json (1.2.0)
      fog-core (~> 1.0)
      multi_json (~> 1.10)
    fog-local (0.6.0)
      fog-core (~> 1.45)
    fog-powerdns (0.2.0)
      fog-core (~> 1.45)
      fog-json (~> 1.2)
      fog-xml (~> 0.1.3)
    fog-profitbricks (4.1.1)
      fog-core
      fog-xml
      nokogiri
    fog-radosgw (0.0.5)
      fog-core (>= 1.45.0)
      fog-json
      fog-xml (>= 0.1.3)
    fog-riakcs (0.1.0)
      fog-core
      fog-json
      fog-xml
    fog-sakuracloud (1.7.5)
      fog-core
      fog-json
    fog-serverlove (0.1.2)
      fog-core
      fog-json
    fog-softlayer (1.1.4)
      fog-core
      fog-json
    fog-storm_on_demand (0.1.1)
      fog-core
      fog-json
    fog-terremark (0.1.0)
      fog-core
      fog-xml
    fog-vmfusion (0.1.0)
      fission
      fog-core
    fog-voxel (0.1.0)
      fog-core
      fog-xml
    fog-vsphere (3.4.0)
      fog-core
      rbvmomi (~> 1.8)
    fog-xenserver (1.0.0)
      fog-core
      fog-xml
    fog-xml (0.1.3)
      fog-core
      nokogiri (~> 1.10.10, >= 1.10.10)
    formatador (0.2.5)
    friendly_id (5.1.0)
      activerecord (>= 4.0.0)
    globalid (0.4.2)
      activesupport (>= 4.1.0)
    hiredis (0.6.3)
    hitimes (1.2.3)
    i18n (0.9.5)
    inflecto (0.0.2)
    ipaddress (0.8.3)
    json (1.8.6)
    loofah (2.7.0)
      nokogiri (>= 1.10.10)
    mail (2.6.3)
      mime-types (>= 3.3.1, < 4)
    method_source (1.0.0)
    mime-types (3.3.1)
    mini_portile2 (2.4.0)
    minitest (5.14.2)
    multi_json (1.15.0)
    nokogiri (1.10.10)
      mini_portile2 (~> 2.0.0.rc2)
    pg (0.21.0)
    polyamorous (1.3.1)
      activerecord (>= 3.0)
    pry (0.13.1)
      coderay (~> 1.1.0)
      method_source (~> 0.8.1)
      slop (~> 3.4)
    puma (5.0.3)
    rack (2.0.9)
      json
    rack-cors (1.1.1)
    rack-test (1.1.0)
      rack (>= 2.0)
    rails-deprecated_sanitizer (1.0.3)
      activesupport (>= 5.0.0)
    rails-dom-testing (1.0.9)
      activesupport (>= 5.0.0, < 5.0)
      nokogiri (~> 1.10.10)
      rails-deprecated_sanitizer (>= 1.0.1)
    rails-erd (1.6.0)
      activerecord (>= 3.2)
      activesupport (>= 5/0)
      choice (~> 0.2.0)
      ruby-graphviz (~> 1.2.5)
    rails-html-sanitizer (1.3.0)
      loofah (~> 2.0)
    rails_12factor (0.0.3)
      rails_serve_static_assets
      rails_stdout_logging
    rails_serve_static_assets (0.0.5)
    rails_stdout_logging (0.0.5)
    rake (13.0.1)
    ransack (1.8.10)
      actionpack (>= 3.0)
      activerecord (>= 3.0)
      activesupport (>= 5.0)
      i18n
      polyamorous (~> 1.3)
    rbvmomi (2.4.1)
      builder
      nokogiri (>= 1.10.10)
      trollop
    redis (3.3.5)
    ruby-graphviz (1.2.2)
    slop (3.4.6)
    spring (2.1.1)
    sprockets (4.0.2)
      concurrent-ruby (~> 1.0)
      rack (> 1, < 3)
    sprockets-rails (3.2.2)
      actionpack (>= 4.0)
      activesupport (>= 5.0)
      sprockets (>= 3.0.0)
    sucker_punch (2.1.2)
      concurrent-ruby (~> 1.0.0)
    thor (1.0.1)
    thread_safe (0.3.6)
    timers (4.3.2)
      hitimes
    trollop (2.1.2)
    tzinfo (1.2.7)
      thread_safe (~> 0.1)
    websocket-driver (0.6.5)
      websocket-extensions (>= 0.1.0)
    websocket-extensions (0.1.5)
    xml-simple (1.1.5)

PLATFORMS
  ruby

DEPENDENCIES
  active_model_serializers!
  awesome_print
  byebug
  carrierwave
  fog
  friendly_id (~> 5.1.0)
  pg (~> 0.21.0)
  pry
  puma
  rack-cors
  rails!
  rails-erd
  rails_12factor
  ransack (~> 1.8.10)
  spring
  sucker_punch (~> 2.0)
  tzinfo-data

RUBY VERSION
   ruby 2.3.0p0

BUNDLED WITH
   1.13.3
